GEM
  remote: https://rubygems.org/
  specs:
    julius (0.0.2)

PLATFORMS
  ruby

DEPENDENCIES
  julius

BUNDLED WITH
   1.13.5
